GEM
  remote: http://rubygems.org/
  specs:
    RedCloth (4.2.9)
    haml (3.1.4)
    sass (3.1.15)

PLATFORMS
  ruby

DEPENDENCIES
  RedCloth
  haml
  sass
