GEM
  specs:
    RedCloth (4.2.8)
    haml (3.1.3)
    sass (3.1.7)

PLATFORMS
  ruby

DEPENDENCIES
  RedCloth
  haml
  sass
